GEM
  remote: https://rubygems.org/
  specs:
    capybara (3.39.2)
    diff-lcs (1.4.4)
    rake (13.0.6)
    rspec (3.10.0)
      rspec-core (~> 3.10.0)
      rspec-expectations (~> 3.10.0)
      rspec-mocks (~> 3.10.0)
    rspec-core (3.10.1)
      rspec-support (~> 3.10.0)
    rspec-expectations (3.10.1)
      diff-lcs (>= 1.2.0, < 2.0)
      rspec-support (~> 3.10.0)
    rspec-mocks (3.10.2)
      diff-lcs (>= 1.2.0, < 2.0)
      rspec-support (~> 3.10.0)
    rspec-support (3.10.2)
    selenium-webdriver (4.9.0)

PLATFORMS
  ruby
  x86_64-linux

DEPENDENCIES
  capybara
  rake
  rspec
  selenium-webdriver

BUNDLED WITH
   2.2.26
